GEM
  remote: https://rubygems.org/
  specs:
    aws-s3 (0.6.3)
      builder
      mime-types
      xml-simple
    builder (3.2.0)
    highline (1.6.16)
    librarian (0.1.0)
      highline
      thor (~> 0.15)
    mime-types (1.22)
    thor (0.18.1)
    xml-simple (1.1.2)

PLATFORMS
  ruby

DEPENDENCIES
  aws-s3
  librarian
